GEM
  remote: https://rubygems.org/
  specs:
    httpi (2.4.0)
      rack
    json (1.8.3)
    mandrill (0.0.4)
      httpi
      json
    rack (1.6.1)
    rack-protection (1.5.3)
      rack
    sequel (4.23.0)
    sinatra (1.4.6)
      rack (~> 1.4)
      rack-protection (~> 1.4)
      tilt (>= 1.3, < 3)
    tilt (2.0.1)

PLATFORMS
  ruby

DEPENDENCIES
  mandrill
  sequel
  sinatra
